PATH
  remote: .
  specs:
    rack-tctp (0.9.5)
      radix (~> 2.2.0)
      rest-client (~> 1.6.7)

GEM
  remote: https://rubygems.org/
  specs:
    faker (1.1.2)
      i18n (~> 0.5)
    i18n (0.6.5)
    mime-types (2.0)
    rack (1.5.2)
    rack-test (0.6.2)
      rack (>= 1.0)
    radix (2.2.0)
    rest-client (1.6.7)
      mime-types (>= 1.16)
    ruby-prof (0.13.0)
    test-unit (2.5.5)
    win32console (1.3.2-x86-mingw32)

PLATFORMS
  x86-mingw32

DEPENDENCIES
  faker
  rack-tctp!
  rack-test
  radix
  rest-client
  ruby-prof
  test-unit
  win32console (= 1.3.2)
